GEM
  remote: https://rubygems.org/
  specs:
    ractor-tmvar (0.1.2)
      ractor-tvar (~> 0.3.0)
    ractor-tvar (0.3.0)

PLATFORMS
  ruby

DEPENDENCIES
  ractor-tmvar (~> 0.1.2)

RUBY VERSION
   ruby 3.0.0p-1

BUNDLED WITH
   2.2.0.rc.2
